{
  "InstitutionName": "Hong Kong Polytechnic University",
  "InstitutionalDepartmentName": "Department of Chinese and Bilingual Studies",
  "PowerLineFrequency": 50,

  "EEGReference": "Average",
  "Cap Manufacturer" : "Neuroscan",
  "EEG placement Scheme": 10-20,
  "EEGChannelCount": 64,

  "TaskName": "lppHK",
  "RecordingType": "continuous",
  "RecordingDuration": 1461.99,
  "SamplingFrequency": 1000
  
}